GEM
  remote: https://rubygems.org/
  specs:
    color (1.8)
    oj (3.7.4)
    rake (12.3.2)

PLATFORMS
  ruby

DEPENDENCIES
  color (~> 1.8)
  oj (~> 3.7)
  rake (~> 12.3)

BUNDLED WITH
   1.17.2
