GEM
  remote: https://rubygems.org/
  specs:
    builder (3.2.4)
    color (1.8)
    rake (13.0.3)

PLATFORMS
  ruby

DEPENDENCIES
  builder
  color
  rake

BUNDLED WITH
   2.2.18
