GEM
  remote: https://rubygems.org/
  specs:
    builder (3.2.3)
    color (1.8)
    rake (12.3.3)

PLATFORMS
  ruby

DEPENDENCIES
  builder (~> 3.2)
  color (~> 1.8)
  rake (~> 12.3)

BUNDLED WITH
   2.0.2
